GEM
  remote: http://rubygems.org/
  specs:
    activemodel (3.0.3)
      activesupport (= 3.0.3)
      builder (~> 2.1.2)
      i18n (~> 0.4)
    activerecord (3.0.3)
      activemodel (= 3.0.3)
      activesupport (= 3.0.3)
      arel (~> 2.0.2)
      tzinfo (~> 0.3.23)
    activesupport (3.0.3)
    arel (2.0.6)
    builder (2.1.2)
    ffi (1.0.1)
      rake (>= 0.8.7)
    i18n (0.5.0)
    json (1.4.6)
    rack (1.2.1)
    rake (0.8.7)
    sinatra (1.1.0)
      rack (~> 1.1)
      tilt (~> 1.1)
    sqlite3 (0.1.1)
      ffi (>= 0.6.3)
    tilt (1.1)
    tzinfo (0.3.23)

PLATFORMS
  ruby

DEPENDENCIES
  activerecord
  json
  sinatra
  sqlite3
